GEM
  remote: https://rubygems.org/
  specs:
    coderay (1.1.3)
    method_source (1.0.0)
    mini_portile2 (2.8.2)
    nokogiri (1.14.3)
      mini_portile2 (~> 2.8.0)
      racc (~> 1.4)
    pry (0.14.2)
      coderay (~> 1.1)
      method_source (~> 1.0)
    racc (1.6.2)

PLATFORMS
  ruby

DEPENDENCIES
  nokogiri
  pry

RUBY VERSION
   ruby 3.3.0p0

BUNDLED WITH
   2.5.3
